GIT
  remote: https://github.com/imustafin/eiffel_parser.git
  revision: 8dac0b18a3f76f5e961f0d7d6d2ae4a8cea2fc1d
  ref: 8dac0b1
  specs:
    eiffel_parser (0.1.0)

GEM
  remote: https://rubygems.org/
  specs:
    addressable (2.8.7)
      public_suffix (>= 2.0.2, < 7.0)
    base64 (0.3.0)
    bigdecimal (3.2.3)
    colorator (1.1.0)
    concurrent-ruby (1.3.5)
    csv (3.3.5)
    em-websocket (0.5.3)
      eventmachine (>= 0.12.9)
      http_parser.rb (~> 0)
    eventmachine (1.2.7)
    ffi (1.17.2-aarch64-linux-gnu)
    ffi (1.17.2-aarch64-linux-musl)
    ffi (1.17.2-arm-linux-gnu)
    ffi (1.17.2-arm-linux-musl)
    ffi (1.17.2-arm64-darwin)
    ffi (1.17.2-x86_64-darwin)
    ffi (1.17.2-x86_64-linux-gnu)
    ffi (1.17.2-x86_64-linux-musl)
    forwardable-extended (2.6.0)
    google-protobuf (4.32.0)
      bigdecimal
      rake (>= 13)
    google-protobuf (4.32.0-aarch64-linux-gnu)
      bigdecimal
      rake (>= 13)
    google-protobuf (4.32.0-aarch64-linux-musl)
      bigdecimal
      rake (>= 13)
    google-protobuf (4.32.0-arm64-darwin)
      bigdecimal
      rake (>= 13)
    google-protobuf (4.32.0-x86_64-darwin)
      bigdecimal
      rake (>= 13)
    google-protobuf (4.32.0-x86_64-linux-gnu)
      bigdecimal
      rake (>= 13)
    google-protobuf (4.32.0-x86_64-linux-musl)
      bigdecimal
      rake (>= 13)
    http_parser.rb (0.8.0)
    i18n (1.14.7)
      concurrent-ruby (~> 1.0)
    jekyll (4.4.1)
      addressable (~> 2.4)
      base64 (~> 0.2)
      colorator (~> 1.0)
      csv (~> 3.0)
      em-websocket (~> 0.5)
      i18n (~> 1.0)
      jekyll-sass-converter (>= 2.0, < 4.0)
      jekyll-watch (~> 2.0)
      json (~> 2.6)
      kramdown (~> 2.3, >= 2.3.1)
      kramdown-parser-gfm (~> 1.0)
      liquid (~> 4.0)
      mercenary (~> 0.3, >= 0.3.6)
      pathutil (~> 0.9)
      rouge (>= 3.0, < 5.0)
      safe_yaml (~> 1.0)
      terminal-table (>= 1.8, < 4.0)
      webrick (~> 1.7)
    jekyll-inline-svg (1.1.5)
      jekyll (>= 3.3, < 5.0)
      svg_optimizer (~> 0.3.0)
    jekyll-sass-converter (3.1.0)
      sass-embedded (~> 1.75)
    jekyll-seo-tag (2.8.0)
      jekyll (>= 3.8, < 5.0)
    jekyll-tagging (1.1.0)
      nuggets
    jekyll-tailwindcss (0.7.0)
      tailwindcss-ruby
    jekyll-watch (2.2.1)
      listen (~> 3.0)
    json (2.13.2)
    kramdown (2.5.1)
      rexml (>= 3.3.9)
    kramdown-parser-gfm (1.1.0)
      kramdown (~> 2.0)
    liquid (4.0.4)
    listen (3.9.0)
      rb-fsevent (~> 0.10, >= 0.10.3)
      rb-inotify (~> 0.9, >= 0.9.10)
    mercenary (0.4.0)
    nokogiri (1.18.9-aarch64-linux-gnu)
      racc (~> 1.4)
    nokogiri (1.18.9-aarch64-linux-musl)
      racc (~> 1.4)
    nokogiri (1.18.9-arm-linux-gnu)
      racc (~> 1.4)
    nokogiri (1.18.9-arm-linux-musl)
      racc (~> 1.4)
    nokogiri (1.18.9-arm64-darwin)
      racc (~> 1.4)
    nokogiri (1.18.9-x86_64-darwin)
      racc (~> 1.4)
    nokogiri (1.18.9-x86_64-linux-gnu)
      racc (~> 1.4)
    nokogiri (1.18.9-x86_64-linux-musl)
      racc (~> 1.4)
    nuggets (1.6.1)
    numo-gnuplot (0.2.4)
    pathutil (0.16.2)
      forwardable-extended (~> 2.6)
    public_suffix (6.0.2)
    racc (1.8.1)
    rake (13.3.0)
    rb-fsevent (0.11.2)
    rb-inotify (0.11.1)
      ffi (~> 1.0)
    rexml (3.4.3)
    rouge (4.6.0)
    safe_yaml (1.0.5)
    sass-embedded (1.92.1-aarch64-linux-gnu)
      google-protobuf (~> 4.31)
    sass-embedded (1.92.1-aarch64-linux-musl)
      google-protobuf (~> 4.31)
    sass-embedded (1.92.1-arm-linux-gnueabihf)
      google-protobuf (~> 4.31)
    sass-embedded (1.92.1-arm-linux-musleabihf)
      google-protobuf (~> 4.31)
    sass-embedded (1.92.1-arm64-darwin)
      google-protobuf (~> 4.31)
    sass-embedded (1.92.1-x86_64-darwin)
      google-protobuf (~> 4.31)
    sass-embedded (1.92.1-x86_64-linux-gnu)
      google-protobuf (~> 4.31)
    sass-embedded (1.92.1-x86_64-linux-musl)
      google-protobuf (~> 4.31)
    svg_optimizer (0.3.0)
      nokogiri
    tailwindcss-ruby (4.1.12)
    tailwindcss-ruby (4.1.12-aarch64-linux-gnu)
    tailwindcss-ruby (4.1.12-aarch64-linux-musl)
    tailwindcss-ruby (4.1.12-arm64-darwin)
    tailwindcss-ruby (4.1.12-x86_64-darwin)
    tailwindcss-ruby (4.1.12-x86_64-linux-gnu)
    tailwindcss-ruby (4.1.12-x86_64-linux-musl)
    terminal-table (3.0.2)
      unicode-display_width (>= 1.1.1, < 3)
    unicode-display_width (2.6.0)
    webrick (1.9.1)

PLATFORMS
  aarch64-linux-gnu
  aarch64-linux-musl
  arm-linux-gnu
  arm-linux-musl
  arm64-darwin
  x86_64-darwin
  x86_64-linux-gnu
  x86_64-linux-musl

DEPENDENCIES
  bigdecimal (~> 3.0, >= 3.0.2)
  eiffel_parser!
  jekyll (~> 4.4, >= 4.4.1)
  jekyll-inline-svg (~> 1.1)
  jekyll-seo-tag (~> 2.8)
  jekyll-tagging (~> 1.1)
  jekyll-tailwindcss (~> 0.7)
  nokogiri (~> 1.18, >= 1.18.9)
  numo-gnuplot (~> 0.2.4)
  rake (~> 13.0)

BUNDLED WITH
   2.7.1
